PATH
  remote: .
  specs:
    smith2 (0.5.5)
      amqp (= 0.9.0)
      daemons (>= 1.1.4)
      dm-core (= 1.0.1)
      dm-observer (= 1.0.1)
      dm-yaml-adapter (= 1.0.1)
      eventmachine (>= 1.0.0.beta.4)
      extlib (>= 0.9.15)
      logging (>= 1.6.1)
      optimism (>= 3.0.3)
      ruby_protobuf (= 0.4.11)
      state_machine (= 1.1.2)
      trollop (>= 1.16.2)
      yajl-ruby (>= 1.1.0)

GEM
  remote: http://rubygems.org/
  specs:
    addressable (2.2.7)
    amq-client (0.9.2)
      amq-protocol (>= 0.9.0)
      eventmachine
    amq-protocol (0.9.0)
    amqp (0.9.0)
      amq-client (~> 0.9.0)
      amq-protocol (>= 0.9.0)
      eventmachine
    awesome_print (1.0.2)
    daemons (1.1.8)
    diff-lcs (1.1.3)
    dm-core (1.0.1)
      addressable (~> 2.2)
      extlib (~> 0.9.15)
    dm-observer (1.0.1)
      dm-core (~> 1.0.1)
    dm-yaml-adapter (1.0.1)
      dm-core (~> 1.0.1)
    eventmachine (1.0.0.beta.4)
    extlib (0.9.15)
    ffi (1.0.11)
    guard (1.0.1)
      ffi (>= 0.5.0)
      thor (~> 0.14.6)
    guard-rspec (0.7.0)
      guard (>= 0.10.0)
    hike (1.2.1)
    little-plugger (1.1.3)
    logging (1.7.1)
      little-plugger (>= 1.1.3)
    optimism (3.1.2)
      hike (~> 1.2.0)
    rspec (2.9.0)
      rspec-core (~> 2.9.0)
      rspec-expectations (~> 2.9.0)
      rspec-mocks (~> 2.9.0)
    rspec-core (2.9.0)
    rspec-expectations (2.9.0)
      diff-lcs (~> 1.1.3)
    rspec-mocks (2.9.0)
    ruby_protobuf (0.4.11)
    state_machine (1.1.2)
    thor (0.14.6)
    trollop (1.16.2)
    yajl-ruby (1.1.0)

PLATFORMS
  ruby

DEPENDENCIES
  awesome_print
  guard (>= 0.3)
  guard-rspec (>= 0.7.0)
  rspec (>= 2.9.0)
  smith2!
